PATH
  remote: .
  specs:
    blinky_monitor (0.0.1)
      blinky (~> 0)

GEM
  remote: http://rubygems.org/
  specs:
    blinky (0.0.3)
      ruby-usb (>= 0.2.1)
    diff-lcs (1.1.3)
    gemesis (0.0.4)
    rake (0.9.2.2)
    rspec (2.7.0)
      rspec-core (~> 2.7.0)
      rspec-expectations (~> 2.7.0)
      rspec-mocks (~> 2.7.0)
    rspec-core (2.7.1)
    rspec-expectations (2.7.0)
      diff-lcs (~> 1.1.2)
    rspec-mocks (2.7.0)
    ruby-usb (0.2.1)

PLATFORMS
  ruby

DEPENDENCIES
  blinky_monitor!
  gemesis (~> 0)
  rake (~> 0.8)
  rspec (~> 2)
