PATH
  remote: .
  specs:
    blinky_billd (0.0.1)

GEM
  remote: http://rubygems.org/
  specs:
    rake (0.9.2.2)

PLATFORMS
  ruby

DEPENDENCIES
  blinky_billd!
  rake
