PATH
  remote: .
  specs:
    blinky_billd (0.0.1)
      billd
      blinky

GEM
  remote: http://rubygems.org/
  specs:
    billd (0.0.2)
      nokogiri
    blinky (0.0.3)
      ruby-usb (>= 0.2.1)
    diff-lcs (1.1.3)
    nokogiri (1.5.2)
    rake (0.9.2.2)
    rspec (2.9.0)
      rspec-core (~> 2.9.0)
      rspec-expectations (~> 2.9.0)
      rspec-mocks (~> 2.9.0)
    rspec-core (2.9.0)
    rspec-expectations (2.9.0)
      diff-lcs (~> 1.1.3)
    rspec-mocks (2.9.0)
    ruby-usb (0.2.1)

PLATFORMS
  ruby

DEPENDENCIES
  blinky_billd!
  rake
  rspec
